GEM
  remote: https://rubygems.org/
  specs:
    erubis (2.7.0)
    redcarpet (3.0.0)

PLATFORMS
  ruby

DEPENDENCIES
  erubis
  redcarpet
